GEM
  remote: https://rubygems.org/
  specs:
    ProMotion (2.5.0)
      methadone (~> 1.7)
      motion_print (~> 1.0)
    RedAlert (1.4)
      ruby_motion_query (>= 1.3.4)
    activesupport (4.2.5)
      i18n (~> 0.7)
      json (~> 1.7, >= 1.7.7)
      minitest (~> 5.1)
      thread_safe (~> 0.3, >= 0.3.4)
      tzinfo (~> 1.1)
    afmotion (2.6)
      motion-cocoapods (>= 1.4.1)
      motion-require (>= 0.1)
    bubble-wrap (1.9.5)
    builder (3.2.2)
    cdq (1.0.8)
      motion-yaml (= 1.4)
      ruby-xcdm (>= 0.0.9)
    claide (0.9.1)
    cocoapods (0.39.0)
      activesupport (>= 4.0.2)
      claide (~> 0.9.1)
      cocoapods-core (= 0.39.0)
      cocoapods-downloader (~> 0.9.3)
      cocoapods-plugins (~> 0.4.2)
      cocoapods-search (~> 0.1.0)
      cocoapods-stats (~> 0.6.2)
      cocoapods-trunk (~> 0.6.4)
      cocoapods-try (~> 0.5.1)
      colored (~> 1.2)
      escape (~> 0.0.4)
      molinillo (~> 0.4.0)
      nap (~> 1.0)
      xcodeproj (~> 0.28.2)
    cocoapods-core (0.39.0)
      activesupport (>= 4.0.2)
      fuzzy_match (~> 2.0.4)
      nap (~> 1.0)
    cocoapods-downloader (0.9.3)
    cocoapods-plugins (0.4.2)
      nap
    cocoapods-search (0.1.0)
    cocoapods-stats (0.6.2)
    cocoapods-trunk (0.6.4)
      nap (>= 0.8, < 2.0)
      netrc (= 0.7.8)
    cocoapods-try (0.5.1)
    colored (1.2)
    dbt (1.1.5)
    escape (0.0.4)
    fuzzy_match (2.0.4)
    i18n (0.7.0)
    json (1.8.3)
    methadone (1.9.2)
      bundler
    minitest (5.8.3)
    molinillo (0.4.1)
    moticons (1.0.0)
      motion-cocoapods
    motion-blitz (1.2.0)
      motion-cocoapods (>= 1.4.0)
    motion-cocoapods (1.7.8)
      cocoapods (>= 0.34)
    motion-kit (0.18.0)
      dbt (~> 1.1.5)
    motion-require (0.2.0)
    motion-yaml (1.4)
    motion_print (1.2.0)
    nap (1.0.0)
    netrc (0.7.8)
    newclear (1.3)
      reset-sim
    plist (3.1.0)
    rake (10.4.2)
    redpotion (1.5.0)
      ProMotion (>= 2.5.0)
      RedAlert
      motion-cocoapods
      motion_print
      rake
      ruby_motion_query (>= 1.7.0)
    reset-sim (1.1.1)
    ruby-xcdm (0.0.9)
      activesupport (~> 4.1)
      builder (~> 3.2)
      plist (~> 3.1)
    ruby_motion_query (1.7.0)
    sugarcube (3.3.7)
    thread_safe (0.3.5)
    tzinfo (1.2.2)
      thread_safe (~> 0.1)
    xcodeproj (0.28.2)
      activesupport (>= 3)
      claide (~> 0.9.1)
      colored (~> 1.2)

PLATFORMS
  ruby

DEPENDENCIES
  afmotion
  bubble-wrap
  cdq
  moticons
  motion-blitz
  motion-cocoapods
  motion-kit
  motion-yaml (= 1.4)
  newclear
  rake
  redpotion
  sugarcube

BUNDLED WITH
   1.11.2
